STORAGE: NONE
RESTRICTION: == net6.0
NUGET
  remote: https://api.nuget.org/v3/index.json
    Aether (8.3.1)
      FSharp.Core (>= 4.3.4)
    Argu (6.2.5)
      FSharp.Core (>= 6.0)
      System.Configuration.ConfigurationManager (>= 4.4)
    Expecto (10.2.1)
      FSharp.Core (>= 7.0.200)
      Mono.Cecil (>= 0.11.4 < 1.0)
    Fantomas.Core (6.3.16)
      Fantomas.FCS (>= 6.3.16)
      FSharp.Core (>= 6.0.1)
    Fantomas.FCS (6.3.16)
      FSharp.Core (>= 6.0.1)
      System.Collections.Immutable (>= 7.0)
      System.Diagnostics.DiagnosticSource (>= 7.0)
      System.Memory (>= 4.5.5)
      System.Runtime (>= 4.3.1)
    FSharp.Compiler.Service (43.9.100)
      FSharp.Core (9.0.100)
      System.Buffers (>= 4.5.1)
      System.Collections.Immutable (>= 8.0)
      System.Diagnostics.DiagnosticSource (>= 8.0)
      System.Memory (>= 4.5.5)
      System.Reflection.Emit (>= 4.7)
      System.Reflection.Metadata (>= 8.0)
      System.Runtime.CompilerServices.Unsafe (>= 6.0)
    FSharp.Core (9.0.100)
    McMaster.NETCore.Plugins (1.4)
      Microsoft.DotNet.PlatformAbstractions (>= 3.1.6)
      Microsoft.Extensions.DependencyModel (>= 5.0)
    Microsoft.Bcl.AsyncInterfaces (9.0)
    Microsoft.DotNet.PlatformAbstractions (3.1.6)
    Microsoft.Extensions.DependencyModel (9.0)
      System.Buffers (>= 4.5.1)
      System.Memory (>= 4.5.5)
      System.Text.Encodings.Web (>= 9.0)
      System.Text.Json (>= 9.0)
    Microsoft.NETCore.Platforms (7.0.4)
    Microsoft.NETCore.Targets (5.0)
    Mono.Cecil (0.11.6)
    System.Buffers (4.6)
    System.Collections.Immutable (9.0)
      System.Memory (>= 4.5.5)
      System.Runtime.CompilerServices.Unsafe (>= 6.0)
    System.Configuration.ConfigurationManager (9.0)
      System.Security.Cryptography.ProtectedData (>= 9.0)
    System.Diagnostics.DiagnosticSource (9.0)
      System.Memory (>= 4.5.5)
      System.Runtime.CompilerServices.Unsafe (>= 6.0)
    System.IO.Pipelines (9.0)
      System.Buffers (>= 4.5.1)
      System.Memory (>= 4.5.5)
      System.Threading.Tasks.Extensions (>= 4.5.4)
    System.Memory (4.6)
    System.Reflection.Emit (4.7)
    System.Reflection.Metadata (9.0)
      System.Collections.Immutable (>= 9.0)
      System.Memory (>= 4.5.5)
    System.Runtime (4.3.1)
      Microsoft.NETCore.Platforms (>= 1.1.1)
      Microsoft.NETCore.Targets (>= 1.1.3)
    System.Runtime.CompilerServices.Unsafe (6.1)
    System.Security.Cryptography.ProtectedData (9.0)
      System.Memory (>= 4.5.5)
    System.Text.Encodings.Web (9.0)
      System.Buffers (>= 4.5.1)
      System.Memory (>= 4.5.5)
      System.Runtime.CompilerServices.Unsafe (>= 6.0)
    System.Text.Json (9.0)
      Microsoft.Bcl.AsyncInterfaces (>= 9.0)
      System.Buffers (>= 4.5.1)
      System.IO.Pipelines (>= 9.0)
      System.Memory (>= 4.5.5)
      System.Runtime.CompilerServices.Unsafe (>= 6.0)
      System.Text.Encodings.Web (>= 9.0)
      System.Threading.Tasks.Extensions (>= 4.5.4)
    System.Threading.Tasks.Extensions (4.6)
    Tomlyn (0.18)
